GEM
  remote: https://rubygems.org/
  specs:
    diff-lcs (1.5.0)
    language_server-protocol (3.17.0.2)
    prettier_print (1.1.0)
    rspec (3.12.0)
      rspec-core (~> 3.12.0)
      rspec-expectations (~> 3.12.0)
      rspec-mocks (~> 3.12.0)
    rspec-core (3.12.0)
      rspec-support (~> 3.12.0)
    rspec-expectations (3.12.1)
      diff-lcs (>= 1.2.0, < 2.0)
      rspec-support (~> 3.12.0)
    rspec-mocks (3.12.1)
      diff-lcs (>= 1.2.0, < 2.0)
      rspec-support (~> 3.12.0)
    rspec-support (3.12.0)
    ruby-lsp (0.3.7)
      language_server-protocol (~> 3.17.0)
      sorbet-runtime
      syntax_tree (>= 4.0.2, < 5.0.0)
    sorbet-runtime (0.5.10595)
    syntax_tree (4.3.0)
      prettier_print (>= 1.0.2)

PLATFORMS
  x86_64-linux

DEPENDENCIES
  rspec (~> 3.12)
  ruby-lsp

BUNDLED WITH
   2.3.26
